GEM
  remote: https://rubygems.org/
  specs:
    kommando (0.1.0)

PLATFORMS
  ruby

DEPENDENCIES
  kommando

BUNDLED WITH
   1.14.6
